GEM
  remote: https://rubygems.org/
  specs:
    diff-lcs (1.6.2)
    rexml (3.4.4)
    rspec (3.13.1)
      rspec-core (~> 3.13.0)
      rspec-expectations (~> 3.13.0)
      rspec-mocks (~> 3.13.0)
    rspec-core (3.13.5)
      rspec-support (~> 3.13.0)
    rspec-expectations (3.13.5)
      diff-lcs (>= 1.2.0, < 2.0)
      rspec-support (~> 3.13.0)
    rspec-mocks (3.13.5)
      diff-lcs (>= 1.2.0, < 2.0)
      rspec-support (~> 3.13.0)
    rspec-support (3.13.6)
    ruby-graphviz (1.2.5)
      rexml

PLATFORMS
  arm64-darwin-24
  ruby

DEPENDENCIES
  rspec (~> 3.0)
  ruby-graphviz (~> 1.2)

BUNDLED WITH
   2.6.6
